GEM
  remote: https://rubygems.org/
  specs:
    ruby-prof (0.13.1)

PLATFORMS
  ruby

DEPENDENCIES
  ruby-prof
